GEM
  remote: https://rubygems.org/
  specs:
    curb (0.9.3)
    oj (3.7.12)

PLATFORMS
  ruby

DEPENDENCIES
  curb (~> 0.9)
  oj (~> 3.7)

BUNDLED WITH
   1.17.3
