GEM
  remote: https://rubygems.org/
  specs:
    curb (0.9.10)
    oj (3.9.2)

PLATFORMS
  ruby

DEPENDENCIES
  curb (~> 0.9)
  oj (~> 3.9)

BUNDLED WITH
   2.0.2
