GEM
  remote: https://rubygems.org/
  specs:
    curb (0.9.3)
    oj (2.15.0)

PLATFORMS
  ruby

DEPENDENCIES
  curb (~> 0.9)
  oj (~> 2.15)

BUNDLED WITH
   1.11.2
