GEM
  remote: https://rubygems.org/
  specs:
    curb (0.9.1)
    oj (2.15.0)

PLATFORMS
  ruby

DEPENDENCIES
  curb (= 0.9.1)
  oj (= 2.15.0)

BUNDLED WITH
   1.11.2
